Brain Vision Data Exchange Header File Version 1.0
; Data created from the EEGLAB software

[Common Infos]
DataFile=sampleEEGdata_convert.dat
MarkerFile=sampleEEGdata_convert.vmrk
DataFormat=BINARY
; Data orientation: VECTORIZED=ch1,pt1, ch1,pt2..., MULTIPLEXED=ch1,pt1, ch2,pt1 ...
DataOrientation=VECTORIZED
DataType=TIMEDOMAIN
NumberOfChannels=64
DataPoints=63360
; Sampling interval in microseconds if time domain (convert to Hertz:
; 1000000 / SamplingInterval) or in Hertz if frequency domain:
SamplingInterval=3.906250e+03
SegmentationType=MARKERBASED

[Binary Infos]
BinaryFormat=IEEE_FLOAT_32

[Channel Infos]
; Each entry: Ch<Channel number>=<Name>,<Reference channel name>,
; <Resolution in microvolts>,<Future extensions..
; Fields are delimited by commas, some fields might be omited (empty).
; Commas in channel names are coded as "".
Ch1=Fp1,, 
Ch2=AF7,, 
Ch3=AF3,, 
Ch4=F1,, 
Ch5=F3,, 
Ch6=F5,, 
Ch7=F7,, 
Ch8=FT7,, 
Ch9=FC5,, 
Ch10=FC3,, 
Ch11=FC1,, 
Ch12=C1,, 
Ch13=C3,, 
Ch14=C5,, 
Ch15=T7,, 
Ch16=TP7,, 
Ch17=CP5,, 
Ch18=CP3,, 
Ch19=CP1,, 
Ch20=P1,, 
Ch21=P3,, 
Ch22=P5,, 
Ch23=P7,, 
Ch24=P9,, 
Ch25=PO7,, 
Ch26=PO3,, 
Ch27=O1,, 
Ch28=Iz,, 
Ch29=Oz,, 
Ch30=POz,, 
Ch31=Pz,, 
Ch32=CPz,, 
Ch33=Fpz,, 
Ch34=Fp2,, 
Ch35=AF8,, 
Ch36=AF4,, 
Ch37=AFz,, 
Ch38=Fz,, 
Ch39=F2,, 
Ch40=F4,, 
Ch41=F6,, 
Ch42=F8,, 
Ch43=FT8,, 
Ch44=FC6,, 
Ch45=FC4,, 
Ch46=FC2,, 
Ch47=FCz,, 
Ch48=Cz,, 
Ch49=C2,, 
Ch50=C4,, 
Ch51=C6,, 
Ch52=T8,, 
Ch53=TP8,, 
Ch54=CP6,, 
Ch55=CP4,, 
Ch56=CP2,, 
Ch57=P2,, 
Ch58=P4,, 
Ch59=P6,, 
Ch60=P8,, 
Ch61=P10,, 
Ch62=PO8,, 
Ch63=PO4,, 
Ch64=O2,, 

